GEM
  remote: https://rubygems.org/
  specs:
    activemodel (4.2.7.1)
      activesupport (= 4.2.7.1)
      builder (~> 3.1)
    activerecord (4.2.7.1)
      activemodel (= 4.2.7.1)
      activesupport (= 4.2.7.1)
      arel (~> 6.0)
    activerecord-mysql-adapter (0.0.1)
      activerecord (>= 3.2.9)
      activesupport (>= 3.2.9)
      mysql (>= 2.9.0)
    activesupport (4.2.7.1)
      i18n (~> 0.7)
      json (~> 1.7, >= 1.7.7)
      minitest (~> 5.1)
      thread_safe (~> 0.3, >= 0.3.4)
      tzinfo (~> 1.1)
    addressable (2.3.8)
    arel (6.0.4)
    bcrypt (3.1.10)
    bcrypt-ruby (3.1.5)
      bcrypt (>= 3.1.3)
    builder (3.2.3)
    capybara (2.5.0)
      mime-types (>= 1.16)
      nokogiri (>= 1.3.3)
      rack (>= 1.0.0)
      rack-test (>= 0.5.4)
      xpath (~> 2.0)
    cliver (0.3.2)
    concurrent-ruby (1.1.5)
    daemons (1.2.3)
    data_mapper (1.2.0)
      dm-aggregates (~> 1.2.0)
      dm-constraints (~> 1.2.0)
      dm-core (~> 1.2.0)
      dm-migrations (~> 1.2.0)
      dm-serializer (~> 1.2.0)
      dm-timestamps (~> 1.2.0)
      dm-transactions (~> 1.2.0)
      dm-types (~> 1.2.0)
      dm-validations (~> 1.2.0)
    data_objects (0.10.16)
      addressable (~> 2.1)
    dm-aggregates (1.2.0)
      dm-core (~> 1.2.0)
    dm-constraints (1.2.0)
      dm-core (~> 1.2.0)
    dm-core (1.2.1)
      addressable (~> 2.3)
    dm-do-adapter (1.2.0)
      data_objects (~> 0.10.6)
      dm-core (~> 1.2.0)
    dm-migrations (1.2.0)
      dm-core (~> 1.2.0)
    dm-mysql-adapter (1.2.0)
      dm-do-adapter (~> 1.2.0)
      do_mysql (~> 0.10.17)
    dm-serializer (1.2.2)
      dm-core (~> 1.2.0)
      fastercsv (~> 1.5)
      json (~> 1.6)
      json_pure (~> 1.6)
      multi_json (~> 1.0)
    dm-sqlite-adapter (1.2.0)
      dm-do-adapter (~> 1.2.0)
      do_sqlite3 (~> 0.10.6)
    dm-timestamps (1.2.0)
      dm-core (~> 1.2.0)
    dm-transactions (1.2.0)
      dm-core (~> 1.2.0)
    dm-types (1.2.2)
      bcrypt-ruby (~> 3.0)
      dm-core (~> 1.2.0)
      fastercsv (~> 1.5)
      json (~> 1.6)
      multi_json (~> 1.0)
      stringex (~> 1.4)
      uuidtools (~> 2.1)
    dm-validations (1.2.0)
      dm-core (~> 1.2.0)
    do_mysql (0.10.17)
      data_objects (= 0.10.16)
    do_sqlite3 (0.10.16)
      data_objects (= 0.10.16)
    eventmachine (1.0.8)
    fakeredis (0.5.0)
      redis (~> 3.0)
    fastercsv (1.5.5)
    i18n (0.9.5)
      concurrent-ruby (~> 1.0)
    json (1.8.6)
    json_pure (1.8.2)
    mail (2.6.3)
      mime-types (>= 1.16, < 3)
    mime-types (2.6.2)
    mini_portile (0.6.2)
    minitest (5.8.0)
    multi_json (1.11.2)
    mysql (2.9.1)
    mysql2 (0.3.20)
    nokogiri (1.6.6.2)
      mini_portile (~> 0.6.0)
    poltergeist (1.6.0)
      capybara (~> 2.1)
      cliver (~> 0.3.1)
      multi_json (~> 1.0)
      websocket-driver (>= 0.2.0)
    pony (1.11)
      mail (>= 2.0)
    public_suffix (1.5.1)
    rack (1.6.4)
    rack-protection (1.5.3)
      rack
    rack-test (0.6.3)
      rack (>= 1.0)
    rake (10.4.2)
    redis (3.2.1)
    sinatra (1.4.6)
      rack (~> 1.4)
      rack-protection (~> 1.4)
      tilt (>= 1.3, < 3)
    stringex (1.5.1)
    thin (1.6.3)
      daemons (~> 1.0, >= 1.0.9)
      eventmachine (~> 1.0)
      rack (~> 1.0)
    thread_safe (0.3.6)
    tilt (2.0.1)
    tzinfo (1.2.5)
      thread_safe (~> 0.1)
    uuidtools (2.1.5)
    websocket-driver (0.6.2)
      websocket-extensions (>= 0.1.0)
    websocket-extensions (0.1.2)
    xpath (2.0.0)
      nokogiri (~> 1.3)

PLATFORMS
  ruby

DEPENDENCIES
  activerecord (~> 4.2.7)
  activerecord-mysql-adapter (~> 0.0.1)
  capybara
  data_mapper
  dm-mysql-adapter
  dm-sqlite-adapter
  dm-timestamps
  dm-transactions
  fakeredis
  minitest
  mysql2 (= 0.3.20)
  poltergeist
  pony
  public_suffix
  rack
  rack-test
  rake
  redis
  sinatra
  thin
